GIT
  remote: git://github.com/hammernight/taza.git
  revision: 78402913ba24182f1895aee612fc13e6d984de24
  specs:
    taza (0.9.1.2)
      Selenium (~> 1.1.14)
      firewatir (~> 1.9.4)
      mocha (~> 0.9.3)
      rake (~> 0.9.2)
      rspec (~> 2.6)
      rubigen (~> 1.5.6)
      user-choices (~> 1.1.6.1)
      watir-webdriver (~> 0.4)

GEM
  remote: http://rubygems.org/
  specs:
    Selenium (1.1.14)
    activemodel (3.2.1)
      activesupport (= 3.2.1)
      builder (~> 3.0.0)
    activeresource (3.2.1)
      activemodel (= 3.2.1)
      activesupport (= 3.2.1)
    activesupport (3.2.1)
      i18n (~> 0.6)
      multi_json (~> 1.0)
    builder (3.0.0)
    capistrano (2.11.2)
      highline
      net-scp (>= 1.0.0)
      net-sftp (>= 2.0.0)
      net-ssh (>= 2.0.14)
      net-ssh-gateway (>= 1.1.0)
    childprocess (0.3.1)
      ffi (~> 1.0.6)
    commonwatir (2.0.4)
      user-choices
    cucumber (1.1.9)
      builder (>= 2.1.2)
      diff-lcs (>= 1.1.2)
      gherkin (~> 2.9.0)
      json (>= 1.4.6)
      term-ansicolor (>= 1.0.6)
    daemons (1.1.8)
    diff-lcs (1.1.3)
    eventmachine (0.12.10)
    ffi (1.0.11)
    firewatir (1.9.4)
      commonwatir (>= 1.9.2)
    gherkin (2.9.0)
      json (>= 1.4.6)
    haml (3.1.4)
    headless (0.2.2)
    highline (1.6.11)
    hoe (2.14.0)
      rake (~> 0.8)
    i18n (0.6.0)
    jenkins-remote-api (0.0.4)
      libxml-ruby (~> 2.2.2)
      mechanize (~> 2.0.1)
      terminal-table
      thor
    json (1.6.5)
    libxml-ruby (2.2.2)
    mechanize (2.0.1)
      net-http-digest_auth (~> 1.1, >= 1.1.1)
      net-http-persistent (~> 1.8)
      nokogiri (~> 1.4)
      webrobots (~> 0.0, >= 0.0.9)
    mingle4r (0.4.8)
      activeresource
    mocha (0.9.12)
    multi_json (1.1.0)
    net-http-digest_auth (1.2)
    net-http-persistent (1.9)
    net-scp (1.0.4)
      net-ssh (>= 1.99.1)
    net-sftp (2.0.5)
      net-ssh (>= 2.0.9)
    net-ssh (2.3.0)
    net-ssh-gateway (1.1.0)
      net-ssh (>= 1.99.1)
    nokogiri (1.5.0)
    rack (1.4.1)
    rack-protection (1.2.0)
      rack
    rake (0.9.2.2)
    rspec (2.8.0)
      rspec-core (~> 2.8.0)
      rspec-expectations (~> 2.8.0)
      rspec-mocks (~> 2.8.0)
    rspec-core (2.8.0)
    rspec-expectations (2.8.0)
      diff-lcs (~> 1.1.2)
    rspec-mocks (2.8.0)
    rubigen (1.5.7)
      activesupport (>= 2.3.5)
      i18n
    rubyzip (0.9.6.1)
    s4t-utils (1.0.4)
      hoe (>= 1.3.0)
    selenium-webdriver (2.20.0)
      childprocess (>= 0.2.5)
      ffi (~> 1.0)
      multi_json (~> 1.0)
      rubyzip
    shotgun (0.9)
      rack (>= 1.0)
    sinatra (1.3.2)
      rack (~> 1.3, >= 1.3.6)
      rack-protection (~> 1.2)
      tilt (~> 1.3, >= 1.3.3)
    term-ansicolor (1.0.7)
    terminal-table (1.4.4)
    thin (1.3.1)
      daemons (>= 1.0.9)
      eventmachine (>= 0.12.6)
      rack (>= 1.0.0)
    thor (0.14.6)
    tilt (1.3.3)
    user-choices (1.1.6.1)
      builder (>= 2.1.2)
      s4t-utils (>= 1.0.3)
      xml-simple (>= 1.0.11)
    watir-webdriver (0.5.3)
      selenium-webdriver (>= 2.12.0)
    webrobots (0.0.13)
    xml-simple (1.1.1)

PLATFORMS
  ruby

DEPENDENCIES
  capistrano
  cucumber
  haml
  headless
  jenkins-remote-api
  mingle4r
  rspec
  shotgun
  sinatra
  taza!
  thin
  watir-webdriver
